GEM
  remote: https://rubygems.org/
  specs:
    mini_portile2 (2.3.0)
    nokogiri (1.8.4)
      mini_portile2 (~> 2.3.0)
    pandoc-ruby (2.0.2)

PLATFORMS
  ruby

DEPENDENCIES
  nokogiri
  pandoc-ruby

RUBY VERSION
   ruby 2.4.0p0

BUNDLED WITH
   1.14.6
